GEM
  remote: http://rubygems.org/
  specs:
    RedCloth (4.2.9)
    daemons (1.1.0)
    eventmachine (0.12.10)
    rack (1.3.5)
    rdiscount (1.6.8)
    thin (1.2.7)
      daemons (>= 1.0.9)
      eventmachine (>= 0.12.6)
      rack (>= 1.0.0)

PLATFORMS
  ruby

DEPENDENCIES
  RedCloth
  rdiscount
  thin
