GEM
  remote: http://rubygems.org/
  specs:
    RedCloth (4.2.9)
    rdiscount (1.6.8)

PLATFORMS
  ruby

DEPENDENCIES
  RedCloth
  rdiscount
